GEM
  remote: https://rubygems.org/
  specs:
    builder (3.2.2)
    daemons (1.2.3)
    eventmachine (1.0.8)
    rack (1.5.2)
    rack-cache (1.6.0)
      rack (>= 0.4)
    rack-protection (1.5.3)
      rack
    sinatra (1.4.7)
      rack (~> 1.5)
      rack-protection (~> 1.4)
      tilt (>= 1.3, < 3)
    thin (1.6.4)
      daemons (~> 1.0, >= 1.0.9)
      eventmachine (~> 1.0, >= 1.0.4)
      rack (~> 1.0)
    tilt (2.0.2)
    xml-sitemap (1.3.3)
      builder (>= 2.0)

PLATFORMS
  ruby

DEPENDENCIES
  rack-cache (~> 1.6.0)
  sinatra (~> 1.4.7)
  thin (~> 1.6.4)
  xml-sitemap (~> 1.3.3)

BUNDLED WITH
   1.11.2
